GIT
  remote: git://github.com/infinitered/ProMotion.git
  revision: 7c5b0cdbbf81be35d505aec3d3bce2673f22194e
  specs:
    ProMotion (2.6.0)
      methadone (~> 1.7)
      motion_print (~> 1.0)

GIT
  remote: git://github.com/xdite/motion-authentication.git
  revision: 2bd9d7ec8b9744e5bed4c503153bb82b95dd9a43
  branch: extend_sign_up_feature
  specs:
    motion-authentication (1.0.0)
      motion-cocoapods
      motion-keychain

GEM
  remote: https://rubygems.org/
  specs:
    ProMotion-XLForm (0.0.15)
      ProMotion (~> 2.0)
      motion-cocoapods (~> 1.4)
    ProMotion-menu (1.1.0)
      ProMotion (~> 2)
      motion-cocoapods (~> 1)
    RedAlert (1.5)
      ruby_motion_query (>= 1.3.4)
    activesupport (4.2.6)
      i18n (~> 0.7)
      json (~> 1.7, >= 1.7.7)
      minitest (~> 5.1)
      thread_safe (~> 0.3, >= 0.3.4)
      tzinfo (~> 1.1)
    afmotion (2.6)
      motion-cocoapods (>= 1.4.1)
      motion-require (>= 0.1)
    builder (3.2.2)
    cdq (1.0.8)
      motion-yaml (= 1.4)
      ruby-xcdm (>= 0.0.9)
    claide (1.0.0)
    cocoapods (1.0.0)
      activesupport (>= 4.0.2)
      claide (>= 1.0.0, < 2.0)
      cocoapods-core (= 1.0.0)
      cocoapods-deintegrate (>= 1.0.0, < 2.0)
      cocoapods-downloader (>= 1.0.0, < 2.0)
      cocoapods-plugins (>= 1.0.0, < 2.0)
      cocoapods-search (>= 1.0.0, < 2.0)
      cocoapods-stats (>= 1.0.0, < 2.0)
      cocoapods-trunk (>= 1.0.0, < 2.0)
      cocoapods-try (>= 1.0.0, < 2.0)
      colored (~> 1.2)
      escape (~> 0.0.4)
      fourflusher (~> 0.3.0)
      molinillo (~> 0.4.5)
      nap (~> 1.0)
      xcodeproj (>= 1.0.0, < 2.0)
    cocoapods-core (1.0.0)
      activesupport (>= 4.0.2)
      fuzzy_match (~> 2.0.4)
      nap (~> 1.0)
    cocoapods-deintegrate (1.0.0)
    cocoapods-downloader (1.0.0)
    cocoapods-plugins (1.0.0)
      nap
    cocoapods-search (1.0.0)
    cocoapods-stats (1.0.0)
    cocoapods-trunk (1.0.0)
      nap (>= 0.8, < 2.0)
      netrc (= 0.7.8)
    cocoapods-try (1.0.0)
    colored (1.2)
    dbt (1.1.5)
    escape (0.0.4)
    fourflusher (0.3.0)
    fuzzy_match (2.0.4)
    i18n (0.7.0)
    json (1.8.3)
    methadone (1.9.2)
      bundler
    minitest (5.8.4)
    molinillo (0.4.5)
    moticons (1.0.0)
      motion-cocoapods
    motion-cocoapods (1.8.0)
      cocoapods (>= 1.0.0)
    motion-fontawesome (0.0.1)
      rake
    motion-keychain (0.0.1)
      motion-cocoapods (>= 1.4.1)
    motion-kit (0.17.0)
      dbt (~> 1.1.5)
    motion-require (0.2.0)
    motion-yaml (1.4)
    motion_print (1.2.0)
    nap (1.1.0)
    netrc (0.7.8)
    newclear (1.3)
      reset-sim
    plist (3.2.0)
    rake (11.1.2)
    redpotion (1.5.0)
      ProMotion (>= 2.5.0)
      RedAlert
      motion-cocoapods
      motion_print
      rake
      ruby_motion_query (>= 1.7.0)
    reset-sim (1.1.1)
    ruby-xcdm (0.0.9)
      activesupport (~> 4.1)
      builder (~> 3.2)
      plist (~> 3.1)
    ruby_motion_query (1.7.0)
    thread_safe (0.3.5)
    tzinfo (1.2.2)
      thread_safe (~> 0.1)
    xcodeproj (1.0.0)
      activesupport (>= 3)
      claide (>= 1.0.0, < 2.0)
      colored (~> 1.2)

PLATFORMS
  ruby

DEPENDENCIES
  ProMotion!
  ProMotion-XLForm
  ProMotion-menu
  afmotion
  cdq
  moticons
  motion-authentication!
  motion-cocoapods
  motion-fontawesome
  motion-kit
  motion-yaml (= 1.4)
  newclear
  rake
  redpotion

BUNDLED WITH
   1.12.4
